PATH
  remote: .
  specs:
    msg91 (0.1.0)
      activesupport (>= 5.1.1, < 7.1.0)
      unirest (~> 1.1.2)

GEM
  remote: https://rubygems.org/
  specs:
    activesupport (7.0.4.3)
      concurrent-ruby (~> 1.0, >= 1.0.2)
      i18n (>= 1.6, < 2)
      minitest (>= 5.1)
      tzinfo (~> 2.0)
    addressable (2.3.8)
    concurrent-ruby (1.2.2)
    diff-lcs (1.3)
    i18n (1.12.0)
      concurrent-ruby (~> 1.0)
    json (1.8.6)
    mime-types (1.25.1)
    minitest (5.18.0)
    rake (13.0.1)
    rest-client (1.6.14)
      mime-types (~> 1.16)
    rspec (3.6.0)
      rspec-core (~> 3.6.0)
      rspec-expectations (~> 3.6.0)
      rspec-mocks (~> 3.6.0)
    rspec-core (3.6.0)
      rspec-support (~> 3.6.0)
    rspec-expectations (3.6.0)
      diff-lcs (>= 1.2.0, < 2.0)
      rspec-support (~> 3.6.0)
    rspec-mocks (3.6.0)
      diff-lcs (>= 1.2.0, < 2.0)
      rspec-support (~> 3.6.0)
    rspec-support (3.6.0)
    tzinfo (2.0.6)
      concurrent-ruby (~> 1.0)
    unirest (1.1.2)
      addressable (~> 2.3.5)
      json (~> 1.8.1)
      rest-client (~> 1.6.7)

PLATFORMS
  ruby

DEPENDENCIES
  bundler (~> 1.14)
  msg91!
  rake (~> 13.0)
  rspec (~> 3.0)

BUNDLED WITH
   1.14.6
